GEM
  remote: http://rubygems.org/
  specs:
    Selenium (1.1.14)
    archive-tar-minitar (0.5.2)
    builder (3.0.0)
    capybara (0.4.1.1)
      celerity (>= 0.7.9)
      culerity (>= 0.2.4)
      mime-types (>= 1.16)
      nokogiri (>= 1.3.3)
      rack (>= 1.0.0)
      rack-test (>= 0.5.4)
      selenium-webdriver (>= 0.0.27)
      xpath (~> 0.1.3)
    celerity (0.8.7)
    childprocess (0.1.6)
      ffi (~> 0.6.3)
    coffee-script (2.1.3)
      coffee-script-source
    coffee-script-source (1.0.1)
    compass (0.10.6)
      haml (>= 3.0.4)
    configuration (1.2.0)
    couchrest (1.0.1)
      json (>= 1.4.6)
      mime-types (>= 1.15)
      rest-client (>= 1.5.1)
    cucumber (0.10.0)
      builder (>= 2.1.2)
      diff-lcs (~> 1.1.2)
      gherkin (~> 2.3.2)
      json (~> 1.4.6)
      term-ansicolor (~> 1.0.5)
    culerity (0.2.15)
    diff-lcs (1.1.2)
    downlow (0.1.4)
      archive-tar-minitar (>= 0.5.2)
      rubyzip (>= 0.9.4)
    ffi (0.6.3)
      rake (>= 0.8.7)
    gherkin (2.3.3)
      json (~> 1.4.6)
    haml (3.0.25)
    jim (0.2.3)
      downlow (>= 0.1.3)
      version_sorter (>= 1.1.0)
      yajl-ruby
    json (1.4.6)
    json_pure (1.5.1)
    launchy (0.3.7)
      configuration (>= 0.0.5)
      rake (>= 0.8.1)
    mime-types (1.16)
    mustache (0.11.2)
    nokogiri (1.4.4)
    rack (1.2.1)
    rack-test (0.5.7)
      rack (>= 1.0)
    rake (0.8.7)
    rest-client (1.6.1)
      mime-types (>= 1.16)
    rubyzip (0.9.4)
    selenium-client (1.2.18)
    selenium-webdriver (0.1.2)
      childprocess (~> 0.1.5)
      ffi (~> 0.6.3)
      json_pure
      rubyzip
    soca (0.1.2)
      coffee-script (~> 2.1.2)
      coffee-script (~> 2.1.2)
      compass (~> 0.10.5)
      compass (~> 0.10.5)
      jim (~> 0.2.3)
      jim (~> 0.2.3)
      json (~> 1.4.6)
      json (~> 1.4.6)
      mime-types (~> 1.16)
      mime-types (~> 1.16)
      mustache (~> 0.11.2)
      mustache (~> 0.11.2)
      thor (~> 0.14.0)
      thor (~> 0.14.0)
      typhoeus (~> 0.1.31)
      typhoeus (~> 0.1.31)
    term-ansicolor (1.0.5)
    thor (0.14.6)
    typhoeus (0.1.31)
      rack
    version_sorter (1.1.0)
    xpath (0.1.3)
      nokogiri (~> 1.3)
    yajl-ruby (0.8.1)

PLATFORMS
  ruby

DEPENDENCIES
  Selenium
  capybara
  couchrest
  cucumber
  culerity
  json
  launchy
  selenium-client
  soca
